ObjectType = Image
NDims = 3
BinaryData = True
BinaryDataByteOrderMSB = False
CompressedData = False
TransformMatrix = 1 0 0 0 1 0 0 0 1
Offset = 0 0 0
CenterOfRotation = 0 0 0
AnatomicalOrientation = RPI
ElementSize = 0.1 0.2 0.3
ElementSpacing = 0.2 0.2 0.2
DimSize = 512 512 300
ElementType = MET_SHORT
ElementDataFile = Hankosh.raw
